GEM
  remote: https://rubygems.org/
  specs:
    activemodel (4.2.7.1)
      activesupport (= 4.2.7.1)
      builder (~> 3.1)
    activerecord (4.2.7.1)
      activemodel (= 4.2.7.1)
      activesupport (= 4.2.7.1)
      arel (~> 6.0)
    activesupport (4.2.7.1)
      i18n (~> 0.7)
      json (~> 1.7, >= 1.7.7)
      minitest (~> 5.1)
      thread_safe (~> 0.3, >= 0.3.4)
      tzinfo (~> 1.1)
    amq-protocol (2.0.1)
    arel (6.0.3)
    bcrypt (3.1.11)
    builder (3.2.2)
    bunny (2.6.1)
      amq-protocol (>= 2.0.1)
    byebug (9.0.6)
    diff-lcs (1.2.5)
    ethon (0.10.1)
      ffi (>= 1.3.0)
    faker (1.6.6)
      i18n (~> 0.5)
    ffi (1.9.14)
    hiredis (0.6.1)
    i18n (0.7.0)
    json (1.8.3)
    minitest (5.10.1)
    mono_logger (1.1.0)
    multi_json (1.12.1)
    newrelic_rpm (3.17.1.326)
    pg (0.19.0)
    power_assert (0.4.1)
    puma (3.6.2)
    rack (1.6.5)
    rack-protection (1.5.3)
      rack
    rack-test (0.6.3)
      rack (>= 1.0)
    rake (12.0.0)
    redis (3.3.2)
    redis-namespace (1.5.2)
      redis (~> 3.0, >= 3.0.4)
    resque (1.26.0)
      mono_logger (~> 1.0)
      multi_json (~> 1.0)
      redis-namespace (~> 1.3)
      sinatra (>= 0.9.2)
      vegas (~> 0.1.2)
    rspec (3.5.0)
      rspec-core (~> 3.5.0)
      rspec-expectations (~> 3.5.0)
      rspec-mocks (~> 3.5.0)
    rspec-core (3.5.4)
      rspec-support (~> 3.5.0)
    rspec-expectations (3.5.0)
      diff-lcs (>= 1.2.0, < 2.0)
      rspec-support (~> 3.5.0)
    rspec-mocks (3.5.0)
      diff-lcs (>= 1.2.0, < 2.0)
      rspec-support (~> 3.5.0)
    rspec-support (3.5.0)
    sinatra (1.4.7)
      rack (~> 1.5)
      rack-protection (~> 1.4)
      tilt (>= 1.3, < 3)
    sinatra-activerecord (2.0.11)
      activerecord (>= 3.2)
      sinatra (~> 1.0)
    test-unit (3.2.3)
      power_assert
    thread_safe (0.3.5)
    tilt (2.0.5)
    typhoeus (1.1.2)
      ethon (>= 0.9.0)
    tzinfo (1.2.2)
      thread_safe (~> 0.1)
    vegas (0.1.11)
      rack (>= 1.0.0)

PLATFORMS
  ruby

DEPENDENCIES
  activerecord (~> 4.2, >= 4.2.5)
  bcrypt
  bunny
  byebug
  faker
  hiredis
  newrelic_rpm
  pg
  puma
  rack-test
  rake (>= 0.9.2)
  redis
  resque
  rspec
  sinatra
  sinatra-activerecord
  test-unit
  typhoeus

RUBY VERSION
   ruby 2.3.1p112

BUNDLED WITH
   1.13.6
